PATH
  remote: .
  specs:
    mpesa (0.1.0)

GEM
  remote: https://rubygems.org/
  specs:
    minitest (5.12.2)
    rake (12.3.2)

PLATFORMS
  ruby

DEPENDENCIES
  minitest (~> 5.0)
  mpesa!
  rake (~> 12.0)

BUNDLED WITH
   2.0.2
