PATH
  remote: .
  specs:
    mpesa (0.1.0)

GEM
  remote: https://rubygems.org/
  specs:
    faraday (0.17.0)
      multipart-post (>= 1.2, < 3)
    minitest (5.12.2)
    multipart-post (2.1.1)
    rake (12.3.2)

PLATFORMS
  ruby

DEPENDENCIES
  faraday
  minitest (~> 5.0)
  mpesa!
  rake (~> 12.0)

BUNDLED WITH
   2.0.2
